PATH
  remote: .
  specs:
    family (0.0.2.1)
      validation (~> 0.0.3)

GEM
  remote: https://rubygems.org/
  specs:
    declare (0.0.5.a)
    rake (0.9.2.2)
    validation (0.0.3.1)
    yard (0.8.2.1)

PLATFORMS
  x86-mingw32

DEPENDENCIES
  declare (~> 0.0.5.a)
  family!
  rake
  yard (>= 0.8.2.1)
